GEM
  remote: https://rubygems.org/
  specs:
    dotenv (2.7.5)
    json (2.3.1)
    mustermann (1.1.1)
      ruby2_keywords (~> 0.0.1)
    nio4r (2.5.2)
    puma (4.3.5)
      nio4r (~> 2.0)
    rack (2.2.3)
    rack-protection (2.0.7)
      rack
    redis (4.2.1)
    ruby2_keywords (0.0.2)
    sinatra (2.0.7)
      mustermann (~> 1.0)
      rack (~> 2.0)
      rack-protection (= 2.0.7)
      tilt (~> 2.0)
    tilt (2.0.10)

PLATFORMS
  ruby

DEPENDENCIES
  dotenv
  json
  puma (~> 4.3.4)
  rack (~> 2.2.2)
  redis
  sinatra (= 2.0.7)

BUNDLED WITH
   2.1.4
