GEM
  remote: https://rubygems.org/
  specs:
    dotenv (2.7.5)
    json (2.2.0)
    mustermann (1.0.3)
    nio4r (2.4.0)
    puma (4.1.0)
      nio4r (~> 2.0)
    rack (2.2.2)
    rack-protection (2.0.7)
      rack
    redis (4.1.2)
    sinatra (2.0.7)
      mustermann (~> 1.0)
      rack (~> 2.0)
      rack-protection (= 2.0.7)
      tilt (~> 2.0)
    tilt (2.0.9)

PLATFORMS
  ruby

DEPENDENCIES
  dotenv
  json
  puma
  redis
  sinatra (= 2.0.7)

BUNDLED WITH
   2.0.2
