GEM
  remote: https://rubygems.org/
  specs:
    dotenv (2.7.6)
    json (2.6.0)
    mustermann (1.1.1)
      ruby2_keywords (~> 0.0.1)
    nio4r (2.5.8)
    puma (5.5.2)
      nio4r (~> 2.0)
    rack (2.2.3)
    rack-protection (2.1.0)
      rack
    redis (4.5.1)
    ruby2_keywords (0.0.5)
    sinatra (2.1.0)
      mustermann (~> 1.0)
      rack (~> 2.2)
      rack-protection (= 2.1.0)
      tilt (~> 2.0)
    tilt (2.0.10)

PLATFORMS
  ruby

DEPENDENCIES
  dotenv (~> 2.7)
  json (~> 2.5)
  puma (>= 4.3.9)
  redis (~> 4.2)
  sinatra (~> 2.0)

BUNDLED WITH
   2.1.4
